GIT
  remote: https://github.com/libgit2/rugged.git
  revision: 88ebd5daaa64f0315a186740352ec3cbbfa6cec1
  submodules: true
  specs:
    rugged (0.25.0b10)

GIT
  remote: https://github.com/swipely/docker-api
  revision: d3e3fbb966ff349a4d0ca4500e27e5801a179f07
  specs:
    docker-api (1.32.1)
      excon (>= 0.38.0)
      json

GEM
  remote: https://rubygems.org/
  specs:
    diff-lcs (1.2.5)
    excon (0.53.0)
    fileutils (0.7)
      rmagick (>= 2.13.1)
    json (2.0.2)
    logger (1.2.8)
    logger-colors (1.0.0)
    rake (11.3.0)
    rmagick (2.16.0)
    rspec (3.5.0)
      rspec-core (~> 3.5.0)
      rspec-expectations (~> 3.5.0)
      rspec-mocks (~> 3.5.0)
    rspec-core (3.5.4)
      rspec-support (~> 3.5.0)
    rspec-expectations (3.5.0)
      diff-lcs (>= 1.2.0, < 2.0)
      rspec-support (~> 3.5.0)
    rspec-mocks (3.5.0)
      diff-lcs (>= 1.2.0, < 2.0)
      rspec-support (~> 3.5.0)
    rspec-support (3.5.0)

PLATFORMS
  ruby

DEPENDENCIES
  bundler
  docker-api!
  fileutils
  logger
  logger-colors
  rake
  rspec
  rugged!

BUNDLED WITH
   1.13.2
